GIT
  remote: https://github.com/phusion/frontapp
  revision: a49536f1398a30dd266e773b824ef733e97ded27
  specs:
    frontapp (0.0.1)
      http (>= 2.2.1)

GIT
  remote: https://github.com/phusion/schema_plus_foreign_keys
  revision: 78095d0bee69e6e77d1a6773ebbc94bb1a632e13
  specs:
    schema_plus_foreign_keys (0.1.7)
      activerecord (>= 4.2)
      its-it (~> 1.2)
      schema_plus_compatibility (~> 0.2)
      schema_plus_core
      valuable

GIT
  remote: https://github.com/phusion/supportbee
  revision: 5a7ef7f073e67f1d20b4ae609204124d9fbe5472
  specs:
    supportbee (0.0.1)
      faraday (>= 0.1.0)

GEM
  remote: https://rubygems.org/
  specs:
    actioncable (5.1.6)
      actionpack (= 5.1.6)
      nio4r (~> 2.0)
      websocket-driver (~> 0.6.1)
    actionmailer (5.1.6)
      actionpack (= 5.1.6)
      actionview (= 5.1.6)
      activejob (= 5.1.6)
      mail (~> 2.5, >= 2.5.4)
      rails-dom-testing (~> 2.0)
    actionpack (5.1.6)
      actionview (= 5.1.6)
      activesupport (= 5.1.6)
      rack (~> 2.0)
      rack-test (>= 0.6.3)
      rails-dom-testing (~> 2.0)
      rails-html-sanitizer (~> 1.0, >= 1.0.2)
    actionview (5.1.6)
      activesupport (= 5.1.6)
      builder (~> 3.1)
      erubi (~> 1.4)
      rails-dom-testing (~> 2.0)
      rails-html-sanitizer (~> 1.0, >= 1.0.3)
    activejob (5.1.6)
      activesupport (= 5.1.6)
      globalid (>= 0.3.6)
    activemodel (5.1.6)
      activesupport (= 5.1.6)
    activerecord (5.1.6)
      activemodel (= 5.1.6)
      activesupport (= 5.1.6)
      arel (~> 8.0)
    activesupport (5.1.6)
      concurrent-ruby (~> 1.0, >= 1.0.2)
      i18n (>= 0.7, < 2)
      minitest (~> 5.1)
      tzinfo (~> 1.1)
    acts_as_list (0.9.11)
      activerecord (>= 3.0)
    addressable (2.5.2)
      public_suffix (>= 2.0.2, < 4.0)
    airbrussh (1.3.0)
      sshkit (>= 1.6.1, != 1.7.0)
    annotate (2.7.3)
      activerecord (>= 3.2, < 6.0)
      rake (>= 10.4, < 13.0)
    arel (8.0.0)
    awesome_print (1.8.0)
    bcrypt (3.1.12)
    bcrypt_pbkdf (1.0.0)
    bindex (0.5.0)
    builder (3.2.3)
    bundler-audit (0.6.0)
      bundler (~> 1.2)
      thor (~> 0.18)
    capistrano (3.10.2)
      airbrussh (>= 1.0.0)
      i18n
      rake (>= 10.0.0)
      sshkit (>= 1.9.0)
    capistrano-bundler (1.3.0)
      capistrano (~> 3.1)
      sshkit (~> 1.2)
    capistrano-passenger (0.2.0)
      capistrano (~> 3.0)
    capistrano-rails (1.3.1)
      capistrano (~> 3.1)
      capistrano-bundler (~> 1.1)
    capistrano-rvm (0.1.2)
      capistrano (~> 3.0)
      sshkit (~> 1.2)
    coffee-rails (4.2.2)
      coffee-script (>= 2.2.0)
      railties (>= 4.0.0)
    coffee-script (2.4.1)
      coffee-script-source
      execjs
    coffee-script-source (1.12.2)
    concurrent-ruby (1.1.5)
    crack (0.4.3)
      safe_yaml (~> 1.0.0)
    crass (1.0.4)
    database_cleaner (1.7.0)
    default_value_for (3.1.0)
      activerecord (>= 3.2.0, < 6.0)
    devise (4.6.1)
      bcrypt (~> 3.0)
      orm_adapter (~> 0.1)
      railties (>= 4.1.0, < 6.0)
      responders
      warden (~> 1.2.3)
    diff-lcs (1.3)
    domain_name (0.5.20180417)
      unf (>= 0.0.5, < 1.0.0)
    erubi (1.8.0)
    execjs (2.7.0)
    factory_bot (4.8.2)
      activesupport (>= 3.0.0)
    factory_bot_rails (4.8.2)
      factory_bot (~> 4.8.2)
      railties (>= 3.0.0)
    faraday (0.15.0)
      multipart-post (>= 1.2, < 3)
    ffi (1.10.0)
    globalid (0.4.1)
      activesupport (>= 4.2.0)
    hashdiff (0.3.7)
    http (3.2.1)
      addressable (~> 2.3)
      http-cookie (~> 1.0)
      http-form_data (~> 2.0)
      http_parser.rb (~> 0.6.0)
    http-cookie (1.0.3)
      domain_name (~> 0.5)
    http-form_data (2.1.0)
    http_parser.rb (0.6.0)
    i18n (1.6.0)
      concurrent-ruby (~> 1.0)
    its-it (1.3.0)
    jbuilder (2.7.0)
      activesupport (>= 4.2.0)
      multi_json (>= 1.2)
    jquery-rails (4.3.3)
      rails-dom-testing (>= 1, < 3)
      railties (>= 4.2.0)
      thor (>= 0.14, < 2.0)
    json (1.8.6)
    key_struct (0.4.2)
    libv8 (3.16.14.19)
    listen (3.1.5)
      rb-fsevent (~> 0.9, >= 0.9.4)
      rb-inotify (~> 0.9, >= 0.9.7)
      ruby_dep (~> 1.2)
    loofah (2.2.3)
      crass (~> 1.0.2)
      nokogiri (>= 1.5.9)
    mail (2.7.0)
      mini_mime (>= 0.1.1)
    method_source (0.9.2)
    mime-types (3.1)
      mime-types-data (~> 3.2015)
    mime-types-data (3.2016.0521)
    mini_mime (1.0.0)
    mini_portile2 (2.8.5)
    minitest (5.11.3)
    modware (0.1.3)
      key_struct (~> 0.4)
    multi_json (1.13.1)
    multipart-post (2.0.0)
    net-http-persistent (2.9.4)
    net-scp (1.2.1)
      net-ssh (>= 2.6.5)
    net-ssh (4.2.0)
    netrc (0.11.0)
    nio4r (2.3.0)
    nokogiri (1.15.5)
      mini_portile2 (~> 2.8.2)
      racc (~> 1.4)
    octokit (4.8.0)
      sawyer (~> 0.8.0, >= 0.5.3)
    orm_adapter (0.5.0)
    pg (1.0.0)
    power_assert (1.1.1)
    public_suffix (3.0.2)
    racc (1.7.3)
    rack (2.0.6)
    rack-test (1.1.0)
      rack (>= 1.0, < 3)
    rails (5.1.6)
      actioncable (= 5.1.6)
      actionmailer (= 5.1.6)
      actionpack (= 5.1.6)
      actionview (= 5.1.6)
      activejob (= 5.1.6)
      activemodel (= 5.1.6)
      activerecord (= 5.1.6)
      activesupport (= 5.1.6)
      bundler (>= 1.3.0)
      railties (= 5.1.6)
      sprockets-rails (>= 2.0.0)
    rails-controller-testing (1.0.2)
      actionpack (~> 5.x, >= 5.0.1)
      actionview (~> 5.x, >= 5.0.1)
      activesupport (~> 5.x)
    rails-dom-testing (2.0.3)
      activesupport (>= 4.2.0)
      nokogiri (>= 1.6)
    rails-html-sanitizer (1.0.4)
      loofah (~> 2.2, >= 2.2.2)
    railties (5.1.6)
      actionpack (= 5.1.6)
      activesupport (= 5.1.6)
      method_source
      rake (>= 0.8.7)
      thor (>= 0.18.1, < 2.0)
    rake (12.3.2)
    rb-fsevent (0.10.3)
    rb-inotify (0.9.10)
      ffi (>= 0.5.0, < 2)
    rbnacl (4.0.2)
      ffi
    rbnacl-libsodium (1.0.16)
      rbnacl (>= 3.0.1)
    rdoc (4.3.0)
    ref (2.0.0)
    responders (2.4.1)
      actionpack (>= 4.2.0, < 6.0)
      railties (>= 4.2.0, < 6.0)
    rest-client (2.0.2)
      http-cookie (>= 1.0.2, < 2.0)
      mime-types (>= 1.16, < 4.0)
      netrc (~> 0.8)
    rspec-core (3.7.1)
      rspec-support (~> 3.7.0)
    rspec-expectations (3.7.0)
      diff-lcs (>= 1.2.0, < 2.0)
      rspec-support (~> 3.7.0)
    rspec-mocks (3.7.0)
      diff-lcs (>= 1.2.0, < 2.0)
      rspec-support (~> 3.7.0)
    rspec-rails (3.7.2)
      actionpack (>= 3.0)
      activesupport (>= 3.0)
      railties (>= 3.0)
      rspec-core (~> 3.7.0)
      rspec-expectations (~> 3.7.0)
      rspec-mocks (~> 3.7.0)
      rspec-support (~> 3.7.0)
    rspec-support (3.7.1)
    ruby_dep (1.5.0)
    safe_yaml (1.0.4)
    sass (3.5.6)
      sass-listen (~> 4.0.0)
    sass-listen (4.0.0)
      rb-fsevent (~> 0.9, >= 0.9.4)
      rb-inotify (~> 0.9, >= 0.9.7)
    sass-rails (5.0.7)
      railties (>= 4.0.0, < 6)
      sass (~> 3.1)
      sprockets (>= 2.8, < 4.0)
      sprockets-rails (>= 2.0, < 4.0)
      tilt (>= 1.1, < 3)
    sawyer (0.8.1)
      addressable (>= 2.3.5, < 2.6)
      faraday (~> 0.8, < 1.0)
    schema_associations (1.2.6)
      schema_plus_foreign_keys (~> 0.1)
    schema_monkey (2.1.5)
      activerecord (>= 4.2)
      modware (~> 0.1)
    schema_plus_columns (0.2.0)
      activerecord (>= 4.2, < 5.2)
      its-it (~> 1.2)
      schema_plus_core
      schema_plus_indexes (~> 0.2)
    schema_plus_compatibility (0.3.0)
      activerecord (>= 4.2, < 5.2)
      schema_monkey (~> 2.1)
    schema_plus_core (2.1.1)
      activerecord (~> 5.0)
      its-it (~> 1.2)
      schema_monkey (~> 2.1)
    schema_plus_indexes (0.3.0)
      activerecord (>= 4.2, < 5.2)
      its-it (~> 1.2)
      schema_plus_core
    schema_validations (2.3.0)
      activerecord (~> 5.0)
      schema_plus_columns
      valuable
    sdoc (0.4.2)
      json (~> 1.7, >= 1.7.7)
      rdoc (~> 4.0)
    spring (2.0.2)
      activesupport (>= 4.2)
    spring-commands-rspec (1.0.4)
      spring (>= 0.9.1)
    sprockets (3.7.2)
      concurrent-ruby (~> 1.0)
      rack (> 1, < 3)
    sprockets-rails (3.2.1)
      actionpack (>= 4.0)
      activesupport (>= 4.0)
      sprockets (>= 3.0.0)
    sshkit (1.16.0)
      net-scp (>= 1.1.2)
      net-ssh (>= 2.8.0)
    test-unit (3.2.7)
      power_assert
    therubyracer (0.12.3)
      libv8 (~> 3.16.14.15)
      ref
    thor (0.20.3)
    thread_safe (0.3.6)
    tilt (2.0.8)
    turbolinks (5.1.1)
      turbolinks-source (~> 5.1)
    turbolinks-source (5.1.0)
    tzinfo (1.2.5)
      thread_safe (~> 0.1)
    uglifier (4.1.10)
      execjs (>= 0.3.0, < 3)
    unf (0.1.4)
      unf_ext
    unf_ext (0.0.7.5)
    valuable (0.9.14)
    warden (1.2.8)
      rack (>= 2.0.6)
    web-console (3.6.1)
      actionview (>= 5.0)
      activemodel (>= 5.0)
      bindex (>= 0.4.0)
      railties (>= 5.0)
    webmock (3.3.0)
      addressable (>= 2.3.6)
      crack (>= 0.3.2)
      hashdiff
    websocket-driver (0.6.5)
      websocket-extensions (>= 0.1.0)
    websocket-extensions (0.1.3)

PLATFORMS
  ruby

DEPENDENCIES
  acts_as_list
  annotate
  awesome_print
  bcrypt_pbkdf (>= 1.0, < 2.0)
  bundler-audit
  capistrano-bundler
  capistrano-passenger
  capistrano-rails
  capistrano-rvm
  coffee-rails (~> 4.2)
  concurrent-ruby
  database_cleaner
  default_value_for
  devise
  factory_bot_rails
  frontapp!
  jbuilder (~> 2.0)
  jquery-rails
  listen (>= 3.0.5, < 3.2)
  net-http-persistent (~> 2.9)
  octokit
  pg
  rails (~> 5.1.0)
  rails-controller-testing
  rbnacl (>= 3.2, < 5.0)
  rbnacl-libsodium
  rest-client
  rspec-rails
  sass-rails (~> 5.0)
  schema_associations
  schema_plus_foreign_keys!
  schema_validations
  sdoc (~> 0.4.0)
  spring
  spring-commands-rspec
  supportbee!
  test-unit
  therubyracer
  turbolinks
  uglifier (>= 1.3.0)
  web-console
  webmock

BUNDLED WITH
   1.16.1
